GEM
  remote: https://rubygems.org/
  specs:
    dotenv (2.1.1)
    haml (4.0.7)
      tilt
    rack (1.6.4)
    rack-protection (1.5.3)
      rack
    rake (10.4.2)
    shotgun (0.9.1)
      rack (>= 1.0)
    sinatra (1.4.7)
      rack (~> 1.5)
      rack-protection (~> 1.4)
      tilt (>= 1.3, < 3)
    tilt (2.0.2)

PLATFORMS
  ruby

DEPENDENCIES
  dotenv
  haml
  rake
  shotgun
  sinatra

BUNDLED WITH
   1.12.3
